GEM
  remote: https://rubygems.org/
  specs:
    ap (0.1.1)
      httparty (>= 0.7.7)
    httparty (0.16.2)
      multi_xml (>= 0.5.2)
    multi_xml (0.6.0)

PLATFORMS
  ruby

DEPENDENCIES
  ap

BUNDLED WITH
   1.16.6
